PATH
  remote: .
  specs:
    fluent-plugin-kubernetes-sumologic (2.0.0)
      fluentd (>= 0.14.10, < 2)
      httpclient (~> 2.8.0)

GEM
  remote: https://rubygems.org/
  specs:
    addressable (2.7.0)
      public_suffix (>= 2.0.2, < 5.0)
    codecov (0.2.14)
      simplecov (>= 0.15, < 0.21)
    concurrent-ruby (1.1.7)
    cool.io (1.7.0)
    crack (0.4.4)
    docile (1.3.3)
    fluentd (1.11.5)
      cool.io (>= 1.4.5, < 2.0.0)
      http_parser.rb (>= 0.5.1, < 0.7.0)
      msgpack (>= 1.3.1, < 2.0.0)
      serverengine (>= 2.2.2, < 3.0.0)
      sigdump (~> 0.2.2)
      strptime (>= 0.2.2, < 1.0.0)
      tzinfo (>= 1.0, < 3.0)
      tzinfo-data (~> 1.0)
      yajl-ruby (~> 1.0)
    hashdiff (1.0.1)
    http_parser.rb (0.6.0)
    httpclient (2.8.3)
    msgpack (1.3.3)
    power_assert (1.2.0)
    public_suffix (2.0.5)
    rake (13.0.3)
    serverengine (2.2.2)
      sigdump (~> 0.2.2)
    sigdump (0.2.4)
    simplecov (0.20.0)
      docile (~> 1.1)
      simplecov-html (~> 0.11)
      simplecov_json_formatter (~> 0.1)
    simplecov-html (0.12.3)
    simplecov_json_formatter (0.1.2)
    strptime (0.2.5)
    test-unit (3.3.8)
      power_assert
    tzinfo (2.0.3)
      concurrent-ruby (~> 1.0)
    tzinfo-data (1.2020.4)
      tzinfo (>= 1.0.0)
    webmock (3.11.0)
      addressable (>= 2.3.6)
      crack (>= 0.3.2)
      hashdiff (>= 0.4.0, < 2.0.0)
    yajl-ruby (1.4.1)

PLATFORMS
  ruby

DEPENDENCIES
  bundler (~> 2)
  codecov
  fluent-plugin-kubernetes-sumologic!
  rake
  simplecov
  test-unit (~> 3.3.7)
  webmock

BUNDLED WITH
   2.1.4
