PATH
  remote: .
  specs:
    fluent-plugin-protobuf (2.0.0)
      fluentd (>= 0.14.10, < 2)
      google-protobuf (~> 3)
      snappy (> 0)

GEM
  remote: https://rubygems.org/
  specs:
    concurrent-ruby (1.1.8)
    cool.io (1.7.1)
    fluentd (1.12.1)
      bundler
      cool.io (>= 1.4.5, < 2.0.0)
      http_parser.rb (>= 0.5.1, < 0.7.0)
      msgpack (>= 1.3.1, < 2.0.0)
      serverengine (>= 2.2.2, < 3.0.0)
      sigdump (~> 0.2.2)
      strptime (>= 0.2.2, < 1.0.0)
      tzinfo (>= 1.0, < 3.0)
      tzinfo-data (~> 1.0)
      yajl-ruby (~> 1.0)
    google-protobuf (3.15.3)
    http_parser.rb (0.6.0)
    msgpack (1.4.2)
    power_assert (2.0.0)
    rake (13.0.3)
    serverengine (2.2.3)
      sigdump (~> 0.2.2)
    sigdump (0.2.4)
    snappy (0.2.0)
    strptime (0.2.5)
    test-unit (3.4.0)
      power_assert
    tzinfo (2.0.4)
      concurrent-ruby (~> 1.0)
    tzinfo-data (1.2021.1)
      tzinfo (>= 1.0.0)
    yajl-ruby (1.4.1)

PLATFORMS
  ruby

DEPENDENCIES
  bundler (~> 2.0)
  fluent-plugin-protobuf!
  rake (~> 13.0)
  test-unit (~> 3.0)

BUNDLED WITH
   2.1.4
