PATH
  remote: .
  specs:
    fluent-plugin-protobuf (2.0.0)
      fluentd (= 1.15.3)
      google-protobuf (~> 3.17)
      snappy (> 0)

GEM
  remote: https://rubygems.org/
  specs:
    concurrent-ruby (1.1.10)
    cool.io (1.7.1)
    fluentd (1.15.3)
      bundler
      cool.io (>= 1.4.5, < 2.0.0)
      http_parser.rb (>= 0.5.1, < 0.9.0)
      msgpack (>= 1.3.1, < 2.0.0)
      serverengine (>= 2.3.0, < 3.0.0)
      sigdump (~> 0.2.2)
      strptime (>= 0.2.4, < 1.0.0)
      tzinfo (>= 1.0, < 3.0)
      tzinfo-data (~> 1.0)
      webrick (>= 1.4.2, < 1.8.0)
      yajl-ruby (~> 1.0)
    google-protobuf (3.23.3)
    http_parser.rb (0.8.0)
    msgpack (1.6.0)
    power_assert (2.0.3)
    rake (13.0.6)
    serverengine (2.3.1)
      sigdump (~> 0.2.2)
    sigdump (0.2.4)
    snappy (0.3.0)
    strptime (0.2.5)
    test-unit (3.6.1)
      power_assert
    tzinfo (2.0.5)
      concurrent-ruby (~> 1.0)
    tzinfo-data (1.2022.7)
      tzinfo (>= 1.0.0)
    webrick (1.7.0)
    yajl-ruby (1.4.3)

PLATFORMS
  ruby

DEPENDENCIES
  bundler (~> 2.0)
  fluent-plugin-protobuf!
  rake (~> 13.0)
  test-unit (~> 3.0)

BUNDLED WITH
   2.4.1
